GIT
  remote: git://github.com/jmettraux/ruote.git
  revision: 499829196bda1b8f1dc8237b9869d1829861db42
  specs:
    ruote (2.2.1)
      parslet (= 1.2.3)
      rufus-cloche (>= 1.0.1)
      rufus-dollar (>= 1.0.4)
      rufus-json (>= 1.0.1)
      rufus-mnemo (>= 1.2.2)
      rufus-scheduler (>= 2.0.11)
      rufus-treechecker (>= 1.0.8)
      sourcify (= 0.5.0)

GEM
  remote: http://rubygems.org/
  specs:
    blankslate (2.1.2.4)
    daemons (1.1.4)
    eventmachine (0.12.10)
    file-tail (1.0.7)
      tins (~> 0.3)
    parslet (1.2.3)
      blankslate (~> 2.0)
    rack (1.3.5)
    rack-protection (1.1.4)
      rack
    ruby2ruby (1.3.1)
      ruby_parser (~> 2.0)
      sexp_processor (~> 3.0)
    ruby_parser (2.3.1)
      sexp_processor (~> 3.0)
    rufus-cloche (1.0.1)
      rufus-json (>= 0.2.7)
    rufus-dollar (1.0.4)
    rufus-json (1.0.1)
    rufus-mnemo (1.2.2)
    rufus-scheduler (2.0.12)
      tzinfo (>= 0.3.23)
    rufus-treechecker (1.0.8)
      ruby_parser (>= 2.0.5)
    sexp_processor (3.0.7)
    sinatra (1.3.1)
      rack (~> 1.3, >= 1.3.4)
      rack-protection (~> 1.1, >= 1.1.2)
      tilt (~> 1.3, >= 1.3.3)
    sourcify (0.5.0)
      file-tail (>= 1.0.5)
      ruby2ruby (>= 1.2.5)
      ruby_parser (>= 2.0.5)
      sexp_processor (>= 3.0.5)
    thin (1.2.11)
      daemons (>= 1.0.9)
      eventmachine (>= 0.12.6)
      rack (>= 1.0.0)
    tilt (1.3.3)
    tins (0.3.2)
    tzinfo (0.3.30)

PLATFORMS
  ruby

DEPENDENCIES
  ruote!
  sinatra
  thin
